PATH
  remote: .
  specs:
    xipai (0.1.0)
      hashie (>= 2.0)
      optional (>= 0.0.7)
      pry
      thor (>= 1.0)

GEM
  remote: https://rubygems.org/
  specs:
    coderay (1.1.3)
    hashie (4.1.0)
    method_source (1.0.0)
    optional (0.0.7)
    pry (0.14.1)
      coderay (~> 1.1)
      method_source (~> 1.0)
    rake (13.0.6)
    thor (1.1.0)

PLATFORMS
  x86_64-linux

DEPENDENCIES
  rake (~> 13.0)
  xipai!

BUNDLED WITH
   2.2.27
